BrainVision Data Exchange Header File Version 1.0
; Data created by the BrainVision Recorder

[Common Infos]
Codepage=UTF-8
DataFile=Practico2.eeg
MarkerFile=Practico2.vmrk
DataFormat=BINARY
; Data orientation: MULTIPLEXED=ch1,pt1, ch2,pt1 ...
DataOrientation=MULTIPLEXED
NumberOfChannels=10
; Sampling interval in microseconds
SamplingInterval=4000

[Binary Infos]
BinaryFormat=INT_16

[Channel Infos]
; Each entry: Ch<Channel number>=<Name>,<Reference channel name>,
; <Resolution in "Unit">,<Unit>, Future extensions..
; Fields are delimited by commas, some fields might be omitted (empty).
; Commas in channel names are coded as "\1".
Ch1=EOGi,,0.1,µV
Ch2=EOGd,,0.1,µV
Ch3=F3,,0.1,µV
Ch4=F4,,0.1,µV
Ch5=C3,,0.1,µV
Ch6=C4,,0.1,µV
Ch7=P3,,0.1,µV
Ch8=P4,,0.1,µV
Ch9=EMG I,,0.1,µV
Ch10=EMG D,,0.1,µV

[Comment]

BrainVision Recorder Professional   -   V. 1.25.0001


A m p l i f i e r  S e t u p
============================
Number of channels: 10
Sampling Rate [Hz]: 250
Sampling Interval [µS]: 4000

Channels
--------
#     Name      Phys. Chn.    Resolution / Unit   Low Cutoff [s]   High Cutoff [Hz]   Notch [Hz]    Series Res. [kOhm] Gradient         Offset
1     EOGi        1                0.1 µV             10              250              Off                0                 
2     EOGd        2                0.1 µV             10              250              Off                0                 
3     F3          3                0.1 µV             10              250              Off                0                 
4     F4          4                0.1 µV             10              250              Off                0                 
5     C3          5                0.1 µV             10              250              Off                0                 
6     C4          6                0.1 µV             10              250              Off                0                 
7     P3          7                0.1 µV             10              250              Off                0                 
8     P4          8                0.1 µV             10              250              Off                0                 
9     EMG I       9                0.1 µV             10              250              Off                0                 
10    EMG D       10               0.1 µV             10              250              Off                0                 

S o f t w a r e  F i l t e r s
==============================
Disabled


Data Electrodes Selected Impedance Measurement Range: 0 - 10 kOhm
Ground Electrode Selected Impedance Measurement Range: 0 - 100 kOhm
Reference Electrode Selected Impedance Measurement Range: 0 - 100 kOhm
Impedance [kOhm] at 16:56:35 :
EOGi:         2
EOGd:        13
F3:           1
F4:           2
C3:           3
C4:           1
P3:           3
P4:           3
EMG I:        6
EMG D:       11
Ref:          4
Gnd:          8
